GEM
  remote: https://rubygems.org/
  specs:
    activemodel (7.0.4)
      activesupport (= 7.0.4)
    activerecord (7.0.4)
      activemodel (= 7.0.4)
      activesupport (= 7.0.4)
    activesupport (7.0.4)
      concurrent-ruby (~> 1.0, >= 1.0.2)
      i18n (>= 1.6, < 2)
      minitest (>= 5.1)
      tzinfo (~> 2.0)
    axiom-types (0.1.1)
      descendants_tracker (~> 0.0.4)
      ice_nine (~> 0.11.0)
      thread_safe (~> 0.3, >= 0.3.1)
    byebug (11.1.3)
    chronic (0.10.2)
    coderay (1.1.3)
    coercible (1.0.0)
      descendants_tracker (~> 0.0.1)
    concurrent-ruby (1.1.10)
    descendants_tracker (0.0.4)
      thread_safe (~> 0.3, >= 0.3.1)
    dry-inflector (0.3.0)
    faraday (2.6.0)
      faraday-net_http (>= 2.0, < 3.1)
      ruby2_keywords (>= 0.0.4)
    faraday-multipart (1.0.4)
      multipart-post (~> 2)
    faraday-net_http (3.0.1)
    faraday-retry (1.0.3)
    i18n (1.12.0)
      concurrent-ruby (~> 1.0)
    ice_nine (0.11.2)
    method_source (1.0.0)
    minitest (5.16.3)
    multipart-post (2.2.3)
    pg (1.4.4)
    pry (0.14.2)
      coderay (~> 1.1)
      method_source (~> 1.0)
    pry-byebug (3.10.1)
      byebug (~> 11.0)
      pry (>= 0.13, < 0.15)
    rake (13.0.6)
    ruby2_keywords (0.0.5)
    telegram-bot-ruby (0.21.1)
      dry-inflector
      faraday (~> 2.0)
      faraday-multipart (~> 1.0)
      virtus (~> 2.0)
    thread_safe (0.3.6)
    tzinfo (2.0.5)
      concurrent-ruby (~> 1.0)
    virtus (2.0.0)
      axiom-types (~> 0.1)
      coercible (~> 1.0)
      descendants_tracker (~> 0.0, >= 0.0.3)
    whenever (1.0.0)
      chronic (>= 0.6.3)

PLATFORMS
  aarch64-linux
  x86_64-linux

DEPENDENCIES
  activerecord
  activesupport
  faraday
  faraday-retry
  i18n
  pg
  pry-byebug
  rake
  telegram-bot-ruby
  whenever

BUNDLED WITH
   2.3.25
